GEM
  remote: https://rubygems.org/
  specs:
    byebug (11.1.2)
    minitest (5.14.0)

PLATFORMS
  ruby

DEPENDENCIES
  byebug
  minitest

BUNDLED WITH
   2.0.2
